GEM
  remote: http://rubygems.org/
  specs:
    albino (1.3.3)
      posix-spawn (>= 0.3.6)
    classifier (1.3.3)
      fast-stemmer (>= 1.0.0)
    commonjs (0.2.6)
    directory_watcher (1.4.1)
    fast-stemmer (1.0.1)
    growl (1.0.3)
    jekyll (0.11.2)
      albino (~> 1.3)
      classifier (~> 1.3)
      directory_watcher (~> 1.1)
      kramdown (~> 0.13)
      liquid (~> 2.3)
      maruku (~> 0.5)
    jekyll-less (0.0.4)
      jekyll (>= 0.10.0)
      less (>= 2.0.5)
    jruby-pageant (1.1.1)
    kramdown (0.14.0)
    less (2.2.2)
      commonjs (~> 0.2.6)
    libv8 (3.3.10.4)
    liquid (2.4.1)
    maruku (0.6.1)
      syntax (>= 1.0.0)
    net-scp (1.0.4)
      net-ssh (>= 1.99.1)
    net-ssh (2.6.0)
      jruby-pageant (>= 1.1.1)
    posix-spawn (0.3.6)
    rmagick (2.13.1)
    syntax (1.0.0)
    therubyracer (0.10.2)
      libv8 (~> 3.3.10)

PLATFORMS
  ruby

DEPENDENCIES
  growl
  jekyll
  jekyll-less
  net-scp
  net-ssh
  rmagick
  therubyracer
